GEM
  remote: https://rubygems.org/
  specs:
    addressable (2.7.0)
      public_suffix (>= 2.0.2, < 5.0)
    ast (2.4.0)
    bitfinex-rb (1.0.2)
      dotenv (~> 2.5.0, >= 2.5.0)
      emittr (~> 0.1.0, >= 0.1.0)
      eventmachine (~> 1.2.7, >= 1.2.7)
      faraday (~> 0.15.3, >= 0.15.3)
      faraday-detailed_logger (~> 2.1.2, >= 2.1.2)
      faraday_adapter_socks (~> 0.1.1, >= 0.1.1)
      faraday_middleware (~> 0.12.2, >= 0.12.2)
      faye-websocket (~> 0.10.7)
      json (~> 2.1.0, >= 2.1.0)
      zlib (~> 1.0.0, >= 1.0.0)
    byebug (11.0.1)
    coderay (1.1.2)
    crack (0.4.3)
      safe_yaml (~> 1.0.0)
    diff-lcs (1.3)
    dotenv (2.5.0)
    emittr (0.1.0)
    eventmachine (1.2.7)
    faraday (0.15.4)
      multipart-post (>= 1.2, < 3)
    faraday-detailed_logger (2.1.3)
      faraday (~> 0.8)
    faraday_adapter_socks (0.1.1)
      faraday (~> 0.9)
      socksify (~> 1.7)
    faraday_middleware (0.12.2)
      faraday (>= 0.7.4, < 1.0)
    faye-websocket (0.10.9)
      eventmachine (>= 0.12.0)
      websocket-driver (>= 0.5.1)
    hashdiff (1.0.0)
    jaro_winkler (1.5.4)
    json (2.1.0)
    method_source (0.9.2)
    multipart-post (2.1.1)
    parallel (1.19.1)
    parser (2.6.5.0)
      ast (~> 2.4.0)
    pry (0.12.2)
      coderay (~> 1.1.0)
      method_source (~> 0.9.0)
    pry-byebug (3.7.0)
      byebug (~> 11.0)
      pry (~> 0.10)
    public_suffix (4.0.1)
    rainbow (3.0.0)
    rspec (3.9.0)
      rspec-core (~> 3.9.0)
      rspec-expectations (~> 3.9.0)
      rspec-mocks (~> 3.9.0)
    rspec-core (3.9.0)
      rspec-support (~> 3.9.0)
    rspec-expectations (3.9.0)
      diff-lcs (>= 1.2.0, < 2.0)
      rspec-support (~> 3.9.0)
    rspec-mocks (3.9.0)
      diff-lcs (>= 1.2.0, < 2.0)
      rspec-support (~> 3.9.0)
    rspec-support (3.9.0)
    rubocop (0.76.0)
      jaro_winkler (~> 1.5.1)
      parallel (~> 1.10)
      parser (>= 2.6)
      rainbow (>= 2.2.2, < 4.0)
      ruby-progressbar (~> 1.7)
      unicode-display_width (>= 1.4.0, < 1.7)
    ruby-progressbar (1.10.1)
    safe_yaml (1.0.5)
    socksify (1.7.1)
    unicode-display_width (1.6.0)
    webmock (3.7.6)
      addressable (>= 2.3.6)
      crack (>= 0.3.2)
      hashdiff (>= 0.4.0, < 2.0.0)
    websocket-driver (0.7.1)
      websocket-extensions (>= 0.1.0)
    websocket-extensions (0.1.4)
    zlib (1.0.0)

PLATFORMS
  ruby

DEPENDENCIES
  bitfinex-rb (~> 1.0)
  dotenv (~> 2.5)
  pry-byebug
  rspec (~> 3.9)
  rubocop (~> 0.76.0)
  webmock (~> 3.7)

BUNDLED WITH
   1.17.2
